GEM
  remote: http://rubygems.org/
  specs:
    ffi (1.1.5)
    libusb (0.2.1)
      ffi (>= 1.0)

PLATFORMS
  ruby

DEPENDENCIES
  libusb
